PATH
  remote: .
  specs:
    sapoci (0.1.9)
      nokogiri (~> 1.5, < 1.6)

GEM
  remote: http://rubygems.org/
  specs:
    nokogiri (1.5.11)
    rake (10.1.1)
    rdoc (2.5.11)
    test-unit (2.5.5)

PLATFORMS
  ruby

DEPENDENCIES
  bundler (~> 1.1)
  rake (~> 10.1)
  rdoc (~> 2.5)
  sapoci!
  test-unit (~> 2.3)
