PATH
  remote: .
  specs:
    sapoci (0.1.7)

GEM
  remote: http://rubygems.org/
  specs:
    nokogiri (1.5.0)
    rdoc (2.5.11)
    test-unit (2.3.2)

PLATFORMS
  ruby

DEPENDENCIES
  bundler (~> 1.1)
  nokogiri (>= 1.5.0)
  rdoc (~> 2.5)
  sapoci!
  test-unit (~> 2.3)
