PATH
  remote: .
  specs:
    sapoci (0.1.5)

GEM
  remote: http://rubygems.org/
  specs:
    nokogiri (1.5.0)
    rake (0.9.2.1)
    rdoc (2.5.11)
    test-unit (2.3.2)

PLATFORMS
  ruby

DEPENDENCIES
  bundler (~> 1.0)
  nokogiri (>= 1.5.0)
  rake (~> 0.9)
  rdoc (~> 2.5)
  sapoci!
  test-unit (~> 2.3)
